GEM
  remote: https://rubygems.org/
  specs:
    byebug (11.0.1)
    httparty (0.13.7)
      json (~> 1.8)
      multi_xml (>= 0.5.2)
    json (1.8.6)
    multi_xml (0.6.0)

PLATFORMS
  ruby

DEPENDENCIES
  byebug
  httparty (~> 0.13.7)

BUNDLED WITH
   2.1.0
